GEM
  specs:
    byebug (10.0.2)
    rack (2.0.5)

PLATFORMS
  ruby

DEPENDENCIES
  byebug
  rack

RUBY VERSION
   ruby 2.5.0p0

BUNDLED WITH
   1.16.2
